PATH
  remote: .
  specs:
    fluent-plugin-line-notify (0.1.0)
      fluentd
      httparty

GEM
  remote: https://rubygems.org/
  specs:
    cool.io (1.4.5)
    fluentd (0.14.6)
      cool.io (~> 1.4.5)
      http_parser.rb (>= 0.5.1, < 0.7.0)
      msgpack (>= 0.7.0, < 2.0.0)
      serverengine (~> 2.0)
      sigdump (~> 0.2.2)
      strptime (~> 0.1.7)
      tzinfo (~> 1.0)
      tzinfo-data (~> 1.0)
      yajl-ruby (~> 1.0)
    http_parser.rb (0.6.0)
    httparty (0.14.0)
      multi_xml (>= 0.5.2)
    msgpack (1.0.0)
    multi_xml (0.5.5)
    power_assert (0.3.1)
    rake (11.3.0)
    rr (1.2.0)
    serverengine (2.0.0)
      sigdump (~> 0.2.2)
    sigdump (0.2.4)
    strptime (0.1.8)
    test-unit (3.1.9)
      power_assert
    test-unit-rr (1.0.5)
      rr (>= 1.1.1)
      test-unit (>= 2.5.2)
    thread_safe (0.3.5)
    tzinfo (1.2.2)
      thread_safe (~> 0.1)
    tzinfo-data (1.2016.7)
      tzinfo (>= 1.0.0)
    yajl-ruby (1.2.1)

PLATFORMS
  ruby

DEPENDENCIES
  bundler (~> 1.13.1)
  fluent-plugin-line-notify!
  rake
  test-unit (~> 3.1.5)
  test-unit-rr (~> 1.0.5)

BUNDLED WITH
   1.13.1
